GIT
  remote: git://github.com/sinatra/sinatra.git
  revision: aa4ad35b7c5e6ed5fb64b8572fc916003519bc3f
  specs:
    sinatra (2.0.0.pre.alpha)
      mustermann (~> 0.4)
      rack (= 2.0.0.alpha)
      rack-protection (~> 1.5)
      tilt (~> 2.0)

GEM
  remote: https://rubygems.org/
  specs:
    activemodel (3.2.22.2)
      activesupport (= 3.2.22.2)
      builder (~> 3.0.0)
    activerecord (3.2.22.2)
      activemodel (= 3.2.22.2)
      activesupport (= 3.2.22.2)
      arel (~> 3.0.2)
      tzinfo (~> 0.3.29)
    activesupport (3.2.22.2)
      i18n (~> 0.6, >= 0.6.4)
      multi_json (~> 1.0)
    arel (3.0.3)
    builder (3.0.4)
    i18n (0.7.0)
    json (1.8.3)
    multi_json (1.12.0)
    mustermann (0.4.0)
      tool (~> 0.2)
    rack (2.0.0.alpha)
      json
    rack-protection (1.5.3)
      rack
    rake (11.1.2)
    sinatra-activerecord (0.1.3)
      sinatra (>= 0.9.4)
    sqlite3 (1.3.11)
    tilt (2.0.2)
    tool (0.2.3)
    tzinfo (0.3.49)

PLATFORMS
  ruby

DEPENDENCIES
  activerecord (~> 3.0)
  rake
  sinatra!
  sinatra-activerecord
  sqlite3

BUNDLED WITH
   1.11.2
